PATH
  remote: .
  specs:
    pipeline.rb (0.0.1)
      amq-client

GEM
  specs:
    amq-client (1.0.4)
      amq-protocol (>= 1.9.0)
      eventmachine
    amq-protocol (1.9.2)
    diff-lcs (1.2.5)
    eventmachine (1.0.3)
    rspec-core (2.14.7)
    rspec-expectations (2.14.4)
      diff-lcs (>= 1.1.3, < 2.0)

PLATFORMS
  ruby

DEPENDENCIES
  pipeline.rb!
  rspec-core
  rspec-expectations
